GEM
  remote: https://rubygems.org/
  specs:
    chunky_png (1.3.11)
    concurrent-ruby (1.1.6)
    diff-lcs (1.4.3)
    i18n (1.8.3)
      concurrent-ruby (~> 1.0)
    rake (13.0.1)
    rqrcode (1.1.2)
      chunky_png (~> 1.0)
      rqrcode_core (~> 0.1)
    rqrcode_core (0.1.2)
    rspec (3.9.0)
      rspec-core (~> 3.9.0)
      rspec-expectations (~> 3.9.0)
      rspec-mocks (~> 3.9.0)
    rspec-core (3.9.2)
      rspec-support (~> 3.9.3)
    rspec-expectations (3.9.2)
      diff-lcs (>= 1.2.0, < 2.0)
      rspec-support (~> 3.9.0)
    rspec-mocks (3.9.1)
      diff-lcs (>= 1.2.0, < 2.0)
      rspec-support (~> 3.9.0)
    rspec-support (3.9.3)

PLATFORMS
  ruby

DEPENDENCIES
  i18n
  rake
  rqrcode
  rspec

BUNDLED WITH
   2.1.4
